PATH
  remote: .
  specs:
    accept_language (1.1.0)

GEM
  remote: https://rubygems.org/
  specs:
    ast (2.4.0)
    diff-lcs (1.3)
    docile (1.3.2)
    jaro_winkler (1.5.3)
    json (2.2.0)
    parallel (1.17.0)
    parser (2.6.3.0)
      ast (~> 2.4.0)
    rainbow (3.0.0)
    rake (12.3.3)
    rspec (3.8.0)
      rspec-core (~> 3.8.0)
      rspec-expectations (~> 3.8.0)
      rspec-mocks (~> 3.8.0)
    rspec-core (3.8.2)
      rspec-support (~> 3.8.0)
    rspec-expectations (3.8.4)
      diff-lcs (>= 1.2.0, < 2.0)
      rspec-support (~> 3.8.0)
    rspec-mocks (3.8.1)
      diff-lcs (>= 1.2.0, < 2.0)
      rspec-support (~> 3.8.0)
    rspec-support (3.8.2)
    rubocop (0.74.0)
      jaro_winkler (~> 1.5.1)
      parallel (~> 1.10)
      parser (>= 2.6)
      rainbow (>= 2.2.2, < 4.0)
      ruby-progressbar (~> 1.7)
      unicode-display_width (>= 1.4.0, < 1.7)
    ruby-progressbar (1.10.1)
    simplecov (0.17.0)
      docile (~> 1.1)
      json (>= 1.8, < 3)
      simplecov-html (~> 0.10.0)
    simplecov-html (0.10.2)
    unicode-display_width (1.6.0)
    yard (0.9.20)

PLATFORMS
  ruby

DEPENDENCIES
  accept_language!
  bundler (~> 2.0)
  rake (~> 12.3)
  rspec (~> 3.8)
  rubocop (~> 0.74)
  simplecov (~> 0.17)
  yard (~> 0.9)

BUNDLED WITH
   2.0.2
